PATH
  remote: .
  specs:
    null_and_void (1.1.4)
      activesupport (~> 3.1)

GEM
  remote: https://rubygems.org/
  specs:
    activesupport (3.2.13)
      i18n (= 0.6.1)
      multi_json (~> 1.0)
    diff-lcs (1.2.3)
    fuubar (1.1.0)
      rspec (~> 2.0)
      rspec-instafail (~> 0.2.0)
      ruby-progressbar (~> 1.0.0)
    i18n (0.6.1)
    multi_json (1.7.2)
    rspec (2.13.0)
      rspec-core (~> 2.13.0)
      rspec-expectations (~> 2.13.0)
      rspec-mocks (~> 2.13.0)
    rspec-core (2.13.1)
    rspec-expectations (2.13.0)
      diff-lcs (>= 1.1.3, < 2.0)
    rspec-instafail (0.2.4)
    rspec-mocks (2.13.1)
    rspectacular (0.11.1)
      fuubar (~> 1.0)
      rspec (~> 2.12)
    ruby-progressbar (1.0.2)

PLATFORMS
  ruby

DEPENDENCIES
  null_and_void!
  rspec (~> 2.12)
  rspectacular (~> 0.11)
