PATH
  remote: .
  specs:
    null_and_void (0.0.1)

GEM
  remote: https://rubygems.org/
  specs:

PLATFORMS
  ruby

DEPENDENCIES
  null_and_void!
